GEM
  remote: https://rubygems.org/
  specs:
    activesupport (3.2.9)
      i18n (~> 0.6)
      multi_json (~> 1.0)
    aws-s3 (0.6.3)
      builder
      mime-types
      xml-simple
    bson (1.8.0)
      activesupport
    builder (3.1.4)
    carrot (1.2.0)
    cfoundry (0.3.40)
      multi_json (~> 1.3.6)
      rest-client (~> 1.6.1)
      rubyzip (~> 0.9.9)
    curb (0.8.3)
    i18n (0.6.1)
    json (1.7.5)
    mime-types (1.19)
    mongo (1.8.0)
      bson (~> 1.8.0)
    multi_json (1.3.7)
    mysql2 (0.3.11)
    pg (0.14.1)
    rack (1.4.1)
    rack-protection (1.3.2)
      rack
    redis (3.0.2)
    rest-client (1.6.7)
      mime-types (>= 1.16)
    rubyzip (0.9.9)
    sinatra (1.3.3)
      rack (~> 1.3, >= 1.3.6)
      rack-protection (~> 1.2)
      tilt (~> 1.3, >= 1.3.3)
    tilt (1.3.3)
    xml-simple (1.1.2)

PLATFORMS
  ruby

DEPENDENCIES
  aws-s3
  carrot
  cfoundry (= 0.3.40)
  curb
  json
  mongo
  mysql2
  pg
  redis
  sinatra
